PATH
  remote: .
  specs:
    pfrpg_utility (0.1.0)

GEM
  remote: https://rubygems.org/
  specs:
    pfrpg_skills (0.1.1)

PLATFORMS
  ruby

DEPENDENCIES
  pfrpg_skills (>= 0.1.1)
  pfrpg_utility!
